PATH
  remote: .
  specs:
    clutil (2017.064.0)
      rake

GEM
  remote: https://rubygems.org/
  specs:
    minitest (5.8.0)
    rake (10.5.0)

PLATFORMS
  ruby

DEPENDENCIES
  clutil!
  minitest

BUNDLED WITH
   1.14.6
